GEM
  remote: http://rubygems.org/
  specs:
    rack (2.0.5)
    sqlite3 (1.3.13)

PLATFORMS
  ruby

DEPENDENCIES
  rack
  sqlite3

RUBY VERSION
   ruby 2.3.1p112

BUNDLED WITH
   1.16.1
